GIT
  remote: git://github.com/allenlsy/jekyll-tagging.git
  revision: 085134937694c16e6992af160fd362d4a799db8f
  specs:
    jekyll-tagging (0.5.0)
      ruby-nuggets

GEM
  remote: https://rubygems.org/
  specs:
    RedCloth (4.2.9)
    capistrano (3.0.1)
      i18n
      rake (>= 10.0.0)
      sshkit (>= 0.0.23)
    capistrano-bundler (1.0.0)
      capistrano (>= 3.0.0.pre)
    capistrano-rvm (0.0.3)
      capistrano
    classifier (1.3.3)
      fast-stemmer (>= 1.0.0)
    colorator (0.1)
    commander (4.1.5)
      highline (~> 1.6.11)
    execjs (2.0.2)
    fast-stemmer (1.0.2)
    ffi (1.9.3)
    github-pages (10)
      RedCloth (= 4.2.9)
      jekyll (= 1.3.0)
      kramdown (= 1.2.0)
      liquid (= 2.5.4)
      maruku (= 0.6.1)
      rdiscount (= 2.1.7)
      redcarpet (= 2.3.0)
    highline (1.6.20)
    hike (1.2.3)
    i18n (0.6.5)
    jekyll (1.3.0)
      classifier (~> 1.3)
      colorator (~> 0.1)
      commander (~> 4.1.3)
      liquid (~> 2.5.2)
      listen (~> 1.3)
      maruku (~> 0.6.0)
      pygments.rb (~> 0.5.0)
      redcarpet (~> 2.3.0)
      safe_yaml (~> 0.9.7)
    jekyll-assets (0.7.4)
      jekyll (~> 1.0)
      sprockets (~> 2.10)
    jekyll-galleries (0.8.0)
    json (1.8.1)
    kramdown (1.2.0)
    liquid (2.5.4)
    listen (1.3.1)
      rb-fsevent (>= 0.9.3)
      rb-inotify (>= 0.9)
      rb-kqueue (>= 0.2)
    maruku (0.6.1)
      syntax (>= 1.0.0)
    multi_json (1.8.2)
    net-scp (1.1.2)
      net-ssh (>= 2.6.5)
    net-ssh (2.7.0)
    posix-spawn (0.3.6)
    pygments.rb (0.5.4)
      posix-spawn (~> 0.3.6)
      yajl-ruby (~> 1.1.0)
    rack (1.5.2)
    rake (10.1.0)
    rb-fsevent (0.9.3)
    rb-inotify (0.9.2)
      ffi (>= 0.5.0)
    rb-kqueue (0.2.0)
      ffi (>= 0.5.0)
    rdiscount (2.1.7)
    redcarpet (2.3.0)
    rmagick (2.13.2)
    ruby-nuggets (0.9.6)
    safe_yaml (0.9.7)
    sass (3.2.12)
    sprockets (2.10.0)
      hike (~> 1.2)
      multi_json (~> 1.0)
      rack (~> 1.0)
      tilt (~> 1.1, != 1.3.0)
    sshkit (1.1.0)
      net-scp
      net-ssh
      term-ansicolor
    syntax (1.0.0)
    term-ansicolor (1.2.2)
      tins (~> 0.8)
    tilt (1.4.1)
    tins (0.13.1)
    uglifier (2.3.1)
      execjs (>= 0.3.0)
      json (>= 1.8.0)
    yajl-ruby (1.1.0)

PLATFORMS
  ruby

DEPENDENCIES
  capistrano-bundler
  capistrano-rvm
  github-pages
  jekyll
  jekyll-assets
  jekyll-galleries (~> 0.8.0)
  jekyll-tagging!
  maruku
  rake
  rmagick
  sass
  uglifier
